GEM
  remote: https://rubygems.org/
  specs:
    catpix (0.2.0)
      docopt (~> 0.5, >= 0.5.0)
      rmagick (~> 2.15, >= 2.15.2)
      ruby-terminfo (~> 0.1, >= 0.1.1)
      tco (~> 0.1, >= 0.1.8)
    colorize (0.8.1)
    diff-lcs (1.4.4)
    docopt (0.6.1)
    json (2.3.1)
    rmagick (2.16.0)
    rspec (3.9.0)
      rspec-core (~> 3.9.0)
      rspec-expectations (~> 3.9.0)
      rspec-mocks (~> 3.9.0)
    rspec-core (3.9.2)
      rspec-support (~> 3.9.3)
    rspec-expectations (3.9.2)
      diff-lcs (>= 1.2.0, < 2.0)
      rspec-support (~> 3.9.0)
    rspec-mocks (3.9.1)
      diff-lcs (>= 1.2.0, < 2.0)
      rspec-support (~> 3.9.0)
    rspec-support (3.9.3)
    ruby-terminfo (0.1.1)
    tco (0.1.8)
    text-table (1.2.4)

PLATFORMS
  ruby

DEPENDENCIES
  catpix
  colorize (~> 0.8.1)
  json (~> 2.3)
  rspec (~> 3.9)
  text-table (~> 1.2)

BUNDLED WITH
   2.1.4
