GEM
  remote: https://rubygems.org/
  specs:
    colorize (0.8.1)
    diff-lcs (1.4.4)
    json (2.3.1)
    pastel (0.8.0)
      tty-color (~> 0.5)
    rspec (3.9.0)
      rspec-core (~> 3.9.0)
      rspec-expectations (~> 3.9.0)
      rspec-mocks (~> 3.9.0)
    rspec-core (3.9.2)
      rspec-support (~> 3.9.3)
    rspec-expectations (3.9.2)
      diff-lcs (>= 1.2.0, < 2.0)
      rspec-support (~> 3.9.0)
    rspec-mocks (3.9.1)
      diff-lcs (>= 1.2.0, < 2.0)
      rspec-support (~> 3.9.0)
    rspec-support (3.9.3)
    ruby2d (0.9.4)
    text-table (1.2.4)
    tty-color (0.5.2)

PLATFORMS
  ruby

DEPENDENCIES
  colorize (~> 0.8.1)
  json (~> 2.3)
  pastel (~> 0.8.0)
  rspec (~> 3.9)
  ruby2d (~> 0.9.4)
  text-table (~> 1.2)

BUNDLED WITH
   2.1.4
